PATH
  remote: .
  specs:
    in_paymentx (3.2.12.01)
      coffee-rails (~> 3.2.1)
      database_cleaner
      execjs
      jquery-rails
      rails (= 3.2.12)
      sass-rails (~> 3.2.3)
      simple_form
      uglifier
      will_paginate

PATH
  remote: ../authentify
  specs:
    authentify (0.0.1)
      bcrypt-ruby
      bootstrap-sass (~> 2.3.1.0)
      coffee-rails (~> 3.2.1)
      database_cleaner
      execjs
      jquery-rails
      rails (= 3.2.12)
      sass-rails (~> 3.2)
      simple_form
      sqlite3
      uglifier (>= 1.0.3)
      will_paginate (~> 3.0)
      yajl-ruby

PATH
  remote: ../commonx
  specs:
    commonx (0.0.1)
      coffee-rails (~> 3.2.1)
      database_cleaner
      execjs
      jquery-rails
      rails (= 3.2.12)
      sass-rails (~> 3.2.3)
      simple_form
      uglifier
      will_paginate

PATH
  remote: ../fixed_task_projectx
  specs:
    fixed_task_projectx (3.2.12.01)
      coffee-rails (~> 3.2.1)
      database_cleaner
      execjs
      jquery-rails
      rails (= 3.2.12)
      sass-rails (~> 3.2.3)
      simple_form
      uglifier
      will_paginate

PATH
  remote: ../kustomerx
  specs:
    kustomerx (3.2.12.01)
      coffee-rails (~> 3.2.1)
      database_cleaner
      execjs
      jquery-rails
      rails (= 3.2.12)
      sass-rails (~> 3.2.3)
      simple_form
      uglifier
      will_paginate

PATH
  remote: ../simple_contractx
  specs:
    simple_contractx (3.2.12.01)
      coffee-rails (~> 3.2.1)
      database_cleaner
      execjs
      jquery-rails
      rails (= 3.2.12)
      sass-rails (~> 3.2.3)
      simple_form
      uglifier
      will_paginate

PATH
  remote: ../simple_typex
  specs:
    simple_typex (3.2.12.01)
      coffee-rails (~> 3.2.1)
      database_cleaner
      execjs
      jquery-rails
      rails (= 3.2.12)
      sass-rails (~> 3.2.3)
      simple_form
      uglifier
      will_paginate

PATH
  remote: ../task_templatex
  specs:
    task_templatex (3.2.12.01)
      coffee-rails (~> 3.2.1)
      database_cleaner
      execjs
      jquery-rails
      rails (= 3.2.12)
      sass-rails (~> 3.2.3)
      simple_form
      uglifier
      will_paginate

PATH
  remote: ../template_taskx
  specs:
    template_taskx (3.2.12.01)
      coffee-rails (~> 3.2.1)
      database_cleaner
      execjs
      jquery-rails
      rails (= 3.2.12)
      sass-rails (~> 3.2.3)
      simple_form
      uglifier
      will_paginate

GEM
  remote: https://rubygems.org/
  specs:
    actionmailer (3.2.12)
      actionpack (= 3.2.12)
      mail (~> 2.4.4)
    actionpack (3.2.12)
      activemodel (= 3.2.12)
      activesupport (= 3.2.12)
      builder (~> 3.0.0)
      erubis (~> 2.7.0)
      journey (~> 1.0.4)
      rack (~> 1.4.5)
      rack-cache (~> 1.2)
      rack-test (~> 0.6.1)
      sprockets (~> 2.2.1)
    activemodel (3.2.12)
      activesupport (= 3.2.12)
      builder (~> 3.0.0)
    activerecord (3.2.12)
      activemodel (= 3.2.12)
      activesupport (= 3.2.12)
      arel (~> 3.0.2)
      tzinfo (~> 0.3.29)
    activeresource (3.2.12)
      activemodel (= 3.2.12)
      activesupport (= 3.2.12)
    activesupport (3.2.12)
      i18n (~> 0.6)
      multi_json (~> 1.0)
    addressable (2.3.5)
    arel (3.0.2)
    bcrypt-ruby (3.1.2-x86-mingw32)
    bootstrap-sass (2.3.1.3)
      sass (~> 3.2)
    builder (3.0.4)
    capybara (2.1.0)
      mime-types (>= 1.16)
      nokogiri (>= 1.3.3)
      rack (>= 1.0.0)
      rack-test (>= 0.5.4)
      xpath (~> 2.0)
    coffee-rails (3.2.2)
      coffee-script (>= 2.2.0)
      railties (~> 3.2.0)
    coffee-script (2.2.0)
      coffee-script-source
      execjs
    coffee-script-source (1.6.3)
    database_cleaner (1.2.0)
    diff-lcs (1.2.4)
    erubis (2.7.0)
    execjs (2.0.2)
    factory_girl (4.3.0)
      activesupport (>= 3.0.0)
    factory_girl_rails (4.3.0)
      factory_girl (~> 4.3.0)
      railties (>= 3.0.0)
    hike (1.2.3)
    i18n (0.6.5)
    journey (1.0.4)
    jquery-rails (2.3.0)
      railties (>= 3.0, < 5.0)
      thor (>= 0.14, < 2.0)
    json (1.8.1)
    launchy (2.3.0)
      addressable (~> 2.3)
    mail (2.4.4)
      i18n (>= 0.4.0)
      mime-types (~> 1.16)
      treetop (~> 1.4.8)
    mime-types (1.25)
    mini_portile (0.5.2)
    multi_json (1.8.2)
    nokogiri (1.6.0-x86-mingw32)
      mini_portile (~> 0.5.0)
    polyglot (0.3.3)
    rack (1.4.5)
    rack-cache (1.2)
      rack (>= 0.4)
    rack-ssl (1.3.3)
      rack
    rack-test (0.6.2)
      rack (>= 1.0)
    rails (3.2.12)
      actionmailer (= 3.2.12)
      actionpack (= 3.2.12)
      activerecord (= 3.2.12)
      activeresource (= 3.2.12)
      activesupport (= 3.2.12)
      bundler (~> 1.0)
      railties (= 3.2.12)
    railties (3.2.12)
      actionpack (= 3.2.12)
      activesupport (= 3.2.12)
      rack-ssl (~> 1.3.2)
      rake (>= 0.8.7)
      rdoc (~> 3.4)
      thor (>= 0.14.6, < 2.0)
    rake (10.1.0)
    rdoc (3.12.2)
      json (~> 1.4)
    rspec-core (2.14.7)
    rspec-expectations (2.14.3)
      diff-lcs (>= 1.1.3, < 2.0)
    rspec-mocks (2.14.4)
    rspec-rails (2.14.0)
      actionpack (>= 3.0)
      activesupport (>= 3.0)
      railties (>= 3.0)
      rspec-core (~> 2.14.0)
      rspec-expectations (~> 2.14.0)
      rspec-mocks (~> 2.14.0)
    sass (3.2.12)
    sass-rails (3.2.6)
      railties (~> 3.2.0)
      sass (>= 3.1.10)
      tilt (~> 1.3)
    simple_form (2.1.0)
      actionpack (~> 3.0)
      activemodel (~> 3.0)
    sprockets (2.2.2)
      hike (~> 1.2)
      multi_json (~> 1.0)
      rack (~> 1.0)
      tilt (~> 1.1, != 1.3.0)
    sqlite3 (1.3.8-x86-mingw32)
    thor (0.18.1)
    tilt (1.4.1)
    treetop (1.4.15)
      polyglot
      polyglot (>= 0.3.1)
    tzinfo (0.3.38)
    uglifier (2.3.0)
      execjs (>= 0.3.0)
      json (>= 1.8.0)
    will_paginate (3.0.5)
    xpath (2.0.0)
      nokogiri (~> 1.3)
    yajl-ruby (1.1.0-x86-mingw32)

PLATFORMS
  x86-mingw32

DEPENDENCIES
  authentify!
  capybara
  commonx!
  factory_girl_rails
  fixed_task_projectx!
  in_paymentx!
  jquery-rails (~> 2.3.0)
  kustomerx!
  launchy
  rspec-rails (>= 2.0.0)
  simple_contractx!
  simple_typex!
  sqlite3
  task_templatex!
  template_taskx!
  will_paginate
